PATH
  remote: .
  specs:
    rrerrtriserv (0.1.0)
      confstruct (~> 1.0)
      eventmachine (~> 1.2)
      msgpack (~> 1.2)
      thor (~> 0.20)
      websocket (~> 1.2)
      websocket-eventmachine-server (~> 1.0)
      websocket-native (~> 1.0)

GEM
  remote: https://rubygems.org/
  specs:
    ast (2.4.0)
    confstruct (1.0.2)
      hashie (~> 3.3)
    diff-lcs (1.3)
    eventmachine (1.2.5-java)
    hashie (3.5.7)
    msgpack (1.2.4-java)
    parallel (1.12.1)
    parser (2.5.0.2)
      ast (~> 2.4.0)
    powerpack (0.1.1)
    rainbow (3.0.0)
    rake (12.3.0)
    rspec (3.7.0)
      rspec-core (~> 3.7.0)
      rspec-expectations (~> 3.7.0)
      rspec-mocks (~> 3.7.0)
    rspec-core (3.7.1)
      rspec-support (~> 3.7.0)
    rspec-expectations (3.7.0)
      diff-lcs (>= 1.2.0, < 2.0)
      rspec-support (~> 3.7.0)
    rspec-mocks (3.7.0)
      diff-lcs (>= 1.2.0, < 2.0)
      rspec-support (~> 3.7.0)
    rspec-support (3.7.1)
    rt_rubocop_defaults (1.0.0)
      rubocop (~> 0.46)
    rubocop (0.53.0)
      parallel (~> 1.10)
      parser (>= 2.5)
      powerpack (~> 0.1)
      rainbow (>= 2.2.2, < 4.0)
      ruby-progressbar (~> 1.7)
      unicode-display_width (~> 1.0, >= 1.0.1)
    ruby-progressbar (1.9.0)
    thor (0.20.0)
    unicode-display_width (1.3.0)
    websocket (1.2.5)
    websocket-eventmachine-base (1.2.0)
      eventmachine (~> 1.0)
      websocket (~> 1.0)
      websocket-native (~> 1.0)
    websocket-eventmachine-server (1.0.1)
      websocket-eventmachine-base (~> 1.0)
    websocket-native (1.0.0-java)

PLATFORMS
  java

DEPENDENCIES
  bundler (~> 1.16)
  rake (~> 12.0)
  rrerrtriserv!
  rspec (~> 3.0)
  rt_rubocop_defaults (~> 1.0)
  rubocop (~> 0.53)

BUNDLED WITH
   1.16.1
